GEM
  remote: https://rubygems.org/
  specs:
    ansi (1.5.0)
    base64 (0.1.1)
    faraday (2.7.11)
      base64
      faraday-net_http (>= 2.0, < 3.1)
      ruby2_keywords (>= 0.0.4)
    faraday-net_http (3.0.2)
    image_size (3.3.0)
    ox (2.14.17)
    ruby2_keywords (0.0.5)

PLATFORMS
  arm64-darwin-22

DEPENDENCIES
  ansi (~> 1.5)
  faraday (~> 2.7)
  image_size (~> 3.3)
  ox (~> 2.14)

BUNDLED WITH
   2.4.17
