GEM
  remote: https://rubygems.org/
  specs:
    RedCloth (4.2.9-java)
    builder (3.2.2)
    coderay (0.9.7)
    kramdown (1.5.0)
    nokogiri (1.6.5-java)
    ritex (1.0.1)
    rouge (3.1.1)

PLATFORMS
  java

DEPENDENCIES
  RedCloth
  builder
  coderay (= 0.9.7)
  kramdown
  nokogiri
  ritex
  rouge (~> 3)

BUNDLED WITH
   1.16.1
